GEM
  remote: https://rubygems.org/
  specs:
    color (1.5.1)
    dalli (2.7.0)
    geo_pattern (1.1.4)
      color (~> 1.5)
    kgio (2.8.1)
    rack (1.5.2)
    rack-cache (1.2)
      rack (>= 0.4)
    rack-protection (1.5.2)
      rack
    raindrops (0.12.0)
    sinatra (1.4.4)
      rack (~> 1.4)
      rack-protection (~> 1.4)
      tilt (~> 1.3, >= 1.3.4)
    tilt (1.4.1)
    unicorn (4.6.3)
      kgio (~> 2.6)
      rack
      raindrops (~> 0.7)

PLATFORMS
  ruby

DEPENDENCIES
  dalli
  geo_pattern
  rack-cache
  sinatra
  unicorn
